GEM
  remote: https://rubygems.org/
  specs:
    bigdecimal (1.4.1)
    cmath (1.0.0)
    csv (3.0.9)
    date (2.0.0)
    dbm (1.0.0)
    did_you_mean (1.3.0)
    e2mmap (0.1.0)
    etc (1.0.1)
    fcntl (1.0.0)
    fiddle (1.0.0)
    fileutils (1.1.0)
    forwardable (1.2.0)
    gdbm (2.0.0)
    io-console (0.4.7)
    ipaddr (1.2.2)
    irb (1.0.0)
    json (2.1.0)
    logger (1.3.0)
    matrix (0.1.0)
    minitest (5.11.3)
    mutex_m (0.1.0)
    net-telnet (0.2.0)
    openssl (2.1.2)
      ipaddr
    ostruct (0.1.0)
    power_assert (1.1.3)
    prime (0.1.0)
    psych (3.1.0)
    rake (12.3.3)
    rdoc (6.1.2)
    rexml (3.1.9)
    rss (0.2.7)
    scanf (1.0.0)
    sdbm (1.0.0)
    shell (0.7)
    stringio (0.0.2)
    strscan (1.0.0)
    sync (0.5.0)
    test-unit (3.2.9)
      power_assert
    thwait (0.1.0)
    tracer (0.1.0)
    webrick (1.4.2)
    xmlrpc (0.3.0)
    zlib (1.0.0)

PLATFORMS
  ruby

DEPENDENCIES
  bigdecimal (= 1.4.1)
  bundler (= 1.17.2)
  cmath (= 1.0.0)
  csv (= 3.0.9)
  date (= 2.0.0)
  dbm (= 1.0.0)
  did_you_mean (= 1.3.0)
  e2mmap (= 0.1.0)
  etc (= 1.0.1)
  fcntl (= 1.0.0)
  fiddle (= 1.0.0)
  fileutils (= 1.1.0)
  forwardable (= 1.2.0)
  gdbm (= 2.0.0)
  io-console (= 0.4.7)
  ipaddr (= 1.2.2)
  irb (= 1.0.0)
  json (= 2.1.0)
  logger (= 1.3.0)
  matrix (= 0.1.0)
  minitest (= 5.11.3)
  mutex_m (= 0.1.0)
  net-telnet (= 0.2.0)
  openssl (= 2.1.2)
  ostruct (= 0.1.0)
  power_assert (= 1.1.3)
  prime (= 0.1.0)
  psych (= 3.1.0)
  rake (= 12.3.3)
  rdoc (= 6.1.2)
  rexml (= 3.1.9)
  rss (= 0.2.7)
  scanf (= 1.0.0)
  sdbm (= 1.0.0)
  shell (= 0.7)
  stringio (= 0.0.2)
  strscan (= 1.0.0)
  sync (= 0.5.0)
  test-unit (= 3.2.9)
  thwait (= 0.1.0)
  tracer (= 0.1.0)
  webrick (= 1.4.2)
  xmlrpc (= 0.3.0)
  zlib (= 1.0.0)

BUNDLED WITH
   1.17.2
